GIT
  remote: git://github.com/puma/puma.git
  revision: b9a499d4c8542bfdc951d43e33e979a587a2878a
  specs:
    puma (3.12.0)

GEM
  remote: https://rubygems.org/
  specs:
    rack (1.6.10)
    rack-protection (1.5.5)
      rack
    sinatra (1.4.8)
      rack (~> 1.5)
      rack-protection (~> 1.4)
      tilt (>= 1.3, < 3)
    tilt (2.0.8)

PLATFORMS
  ruby

DEPENDENCIES
  puma!
  rack (= 1.6.10)
  sinatra

BUNDLED WITH
   1.16.2
